GEM
  remote: https://rubygems.org/
  specs:
    ProMotion (0.7.5)
    motion-facon (0.5.0.1)
    teacup (2.0.5)

PLATFORMS
  ruby

DEPENDENCIES
  ProMotion (~> 0.7.5)
  motion-facon
  teacup
