GEM
  remote: https://rubygems.org/
  specs:
    ProMotion (0.7.5)
    bubble-wrap (1.3.0)
    deep_merge (1.0.0)
    i18n (0.6.4)
    i18n_tools (0.1.5)
      deep_merge
      ya2yaml
    motion-facon (0.5.0.1)
    motion-i18n (0.0.2)
      i18n
      motion-require
    motion-require (0.0.6)
    motion-testflight (1.5)
    sugarcube (0.20.22)
    teacup (2.0.5)
    ya2yaml (0.31)

PLATFORMS
  ruby

DEPENDENCIES
  ProMotion (~> 0.7.5)
  bubble-wrap (~> 1.3.0)
  i18n_tools
  motion-facon
  motion-i18n
  motion-testflight (~> 1.5)
  sugarcube
  teacup
