GEM
  remote: https://rubygems.org/
  specs:
    ProMotion (0.7.5)
    bubble-wrap (1.3.0)
    motion-facon (0.5.0.1)
    sugarcube (0.20.22)
    teacup (2.0.5)

PLATFORMS
  ruby

DEPENDENCIES
  ProMotion (~> 0.7.5)
  bubble-wrap (~> 1.3.0)
  motion-facon
  sugarcube
  teacup
